PATH
  remote: .
  specs:
    bowler (0.0.1)
      foreman

GEM
  remote: http://rubygems.org/
  specs:
    diff-lcs (1.1.3)
    foreman (0.27.0)
      term-ansicolor (~> 1.0.5)
      thor (>= 0.13.6)
    rake (0.9.2.2)
    rspec (2.8.0)
      rspec-core (~> 2.8.0)
      rspec-expectations (~> 2.8.0)
      rspec-mocks (~> 2.8.0)
    rspec-core (2.8.0)
    rspec-expectations (2.8.0)
      diff-lcs (~> 1.1.2)
    rspec-mocks (2.8.0)
    term-ansicolor (1.0.7)
    thor (0.14.6)

PLATFORMS
  ruby

DEPENDENCIES
  bowler!
  rake (~> 0.9.2.2)
  rspec (~> 2.8.0)
